GEM
  remote: http://rubygems.org/
  specs:
    actionpack (2.3.12)
      activesupport (= 2.3.12)
      rack (~> 1.1.0)
    activesupport (2.3.12)
    ansi (1.3.0)
    bourne (1.0)
      mocha (= 0.9.8)
    builder (3.0.0)
    execjs (1.2.0)
      multi_json (~> 1.0)
    git (1.2.5)
    guard (0.7.0)
      thor (~> 0.14.6)
    guard-shell (0.1.1)
      guard (>= 0.2.0)
    guard-test (0.3.0)
      guard (>= 0.2.2)
      test-unit (~> 2.2)
    hsume2-state_machine (1.0.5)
    jeweler (1.6.4)
      bundler (~> 1.0)
      git (>= 1.2.5)
      rake
    minitest (2.6.1)
    minitest-reporters (0.4.0)
      ansi
      minitest (~> 2.0)
      ruby-progressbar
    mocha (0.9.8)
      rake
    multi_json (1.0.3)
    pre-commit (0.1.13)
      execjs
    rack (1.1.2)
    rake (0.9.2)
    rcov (0.9.9)
    ruby-progressbar (0.0.10)
    shoulda (2.11.3)
    test-unit (2.3.0)
    thor (0.14.6)

PLATFORMS
  ruby

DEPENDENCIES
  actionpack (~> 2.3.10)
  bourne
  builder
  bundler (~> 1.0.0)
  guard
  guard-shell
  guard-test
  hsume2-state_machine (~> 1.0.5)
  jeweler (~> 1.6.4)
  minitest (= 2.6.1)
  minitest-reporters
  mocha
  pre-commit
  rcov
  shoulda
  test-unit
