GEM
  remote: http://rubygems.org/
  specs:
    actionpack (2.3.12)
      activesupport (= 2.3.12)
      rack (~> 1.1.0)
    activesupport (2.3.12)
    builder (3.0.0)
    git (1.2.5)
    infinity_test (1.0.3)
      notifiers (>= 1.1.0)
      watchr (>= 0.7)
    jeweler (1.6.4)
      bundler (~> 1.0)
      git (>= 1.2.5)
      rake
    mocha (0.9.12)
    notifiers (1.1.0)
    rack (1.1.2)
    rake (0.9.2)
    rcov (0.9.9)
    shoulda (2.11.3)
    state_machine (1.0.1)
    test-unit (2.3.0)
    watchr (0.7)

PLATFORMS
  ruby

DEPENDENCIES
  actionpack (~> 2.3.10)
  builder
  bundler (~> 1.0.0)
  infinity_test
  jeweler (~> 1.6.4)
  mocha
  rcov
  shoulda
  state_machine
  test-unit
