GEM
  remote: http://rubygems.org/
  specs:
    actionpack (2.3.17)
      activesupport (= 2.3.17)
      rack (~> 1.1.0)
    activesupport (2.3.17)
    ansi (1.4.3)
    bourne (1.2.0)
      mocha (= 0.12.3)
    builder (3.1.3)
    execjs (1.2.0)
      multi_json (~> 1.0)
    git (1.2.5)
    guard (0.7.0)
      thor (~> 0.14.6)
    guard-shell (0.1.1)
      guard (>= 0.2.0)
    guard-test (0.3.0)
      guard (>= 0.2.2)
      test-unit (~> 2.2)
    hashie (1.2.0)
    hsume2-state_machine (1.0.5)
    jeweler (1.6.4)
      bundler (~> 1.0)
      git (>= 1.2.5)
      rake
    metaclass (0.0.1)
    minitest (3.3.0)
    minitest-reporters (0.11.0)
      ansi
      builder
      minitest (>= 2.12, < 4.0)
      powerbar
    mocha (0.12.3)
      metaclass (~> 0.0.1)
    multi_json (1.0.3)
    powerbar (1.0.9)
      ansi (~> 1.4.0)
      hashie (>= 1.1.0)
    pre-commit (0.1.13)
      execjs
    rack (1.1.6)
    rake (0.9.2.2)
    rcov (0.9.9)
    shoulda (3.0.1)
      shoulda-context (~> 1.0.0)
      shoulda-matchers (~> 1.0.0)
    shoulda-context (1.0.0)
    shoulda-matchers (1.0.0)
    test-unit (2.3.0)
    thor (0.14.6)

PLATFORMS
  ruby

DEPENDENCIES
  actionpack (~> 2.3.15)
  bourne (>= 1.2.0)
  builder
  guard
  guard-shell
  guard-test
  hsume2-state_machine (~> 1.0.5)
  jeweler (~> 1.6.4)
  minitest (~> 3.3.0)
  minitest-reporters
  mocha
  pre-commit
  rcov
  shoulda
